GEM
  remote: http://rubygems.org/
  specs:
    bunny (0.8.0)
    chef (0.8.10)
      bunny (>= 0.6.0)
      erubis
      extlib
      json
      mixlib-authentication (>= 1.1.0)
      mixlib-cli (>= 1.1.0)
      mixlib-config (>= 1.1.0)
      mixlib-log (>= 1.1.0)
      moneta
      ohai (>= 0.5.0)
    coderay (1.0.8)
    erubis (2.7.0)
    extlib (0.9.15)
    foodcritic (1.6.1)
      erubis
      gherkin (~> 2.11.1)
      gist (~> 3.1.0)
      nokogiri (= 1.5.0)
      pry (~> 0.9.8.4)
      rak (~> 1.4)
      treetop (~> 1.4.10)
      yajl-ruby (~> 1.1.0)
    gherkin (2.11.5)
      json (>= 1.4.6)
    gherkin (2.11.5-x86-mingw32)
      json (>= 1.4.6)
    gist (3.1.0)
    ipaddress (0.8.0)
    json (1.7.5)
    method_source (0.7.1)
    mixlib-authentication (1.3.0)
      mixlib-log
    mixlib-cli (1.2.2)
    mixlib-config (1.1.2)
    mixlib-log (1.4.1)
    moneta (0.6.0)
    nokogiri (1.5.0)
    nokogiri (1.5.0-x86-mingw32)
    ohai (6.14.0)
      ipaddress
      mixlib-cli
      mixlib-config
      mixlib-log
      systemu
      yajl-ruby
    polyglot (0.3.3)
    pry (0.9.8.4)
      coderay (~> 1.0.5)
      method_source (~> 0.7.1)
      slop (>= 2.4.4, < 3)
    pry (0.9.8.4-x86-mingw32)
      coderay (~> 1.0.5)
      method_source (~> 0.7.1)
      slop (>= 2.4.4, < 3)
      win32console (~> 1.3)
    rak (1.4)
    rake (0.9.2.2)
    slop (2.4.4)
    systemu (2.5.2)
    treetop (1.4.12)
      polyglot
      polyglot (>= 0.3.1)
    win32console (1.3.2-x86-mingw32)
    yajl-ruby (1.1.0)
    yajl-ruby (1.1.0-x86-mingw32)

PLATFORMS
  ruby
  x86-mingw32

DEPENDENCIES
  chef
  foodcritic
  rake
