GEM
  remote: http://rubygems.org/
  specs:
    diff-lcs (1.1.3)
    facter (1.6.14)
    hiera (1.0.0)
    puppet (3.0.1)
      facter (~> 1.6.11)
      hiera (~> 1.0.0)
    puppet-lint (0.3.2)
    rake (0.9.2.2)
    rspec (2.11.0)
      rspec-core (~> 2.11.0)
      rspec-expectations (~> 2.11.0)
      rspec-mocks (~> 2.11.0)
    rspec-core (2.11.1)
    rspec-expectations (2.11.3)
      diff-lcs (~> 1.1.3)
    rspec-mocks (2.11.3)
    rspec-puppet (0.1.5)
      rspec

PLATFORMS
  ruby
  x86-mingw32

DEPENDENCIES
  puppet
  puppet-lint
  rake
  rspec-puppet
