GEM
  remote: http://rubygems.org/
  specs:
    bunny (0.8.0)
    chef (0.8.10)
      bunny (>= 0.6.0)
      erubis
      extlib
      json
      mixlib-authentication (>= 1.1.0)
      mixlib-cli (>= 1.1.0)
      mixlib-config (>= 1.1.0)
      mixlib-log (>= 1.1.0)
      moneta
      ohai (>= 0.5.0)
    erubis (2.7.0)
    extlib (0.9.15)
    ipaddress (0.8.0)
    json (1.7.5)
    mixlib-authentication (1.3.0)
      mixlib-log
    mixlib-cli (1.2.2)
    mixlib-config (1.1.2)
    mixlib-log (1.4.1)
    moneta (0.6.0)
    ohai (6.14.0)
      ipaddress
      mixlib-cli
      mixlib-config
      mixlib-log
      systemu
      yajl-ruby
    rake (0.9.2.2)
    systemu (2.5.2)
    yajl-ruby (1.1.0)

PLATFORMS
  ruby
  x86-mingw32

DEPENDENCIES
  chef
  rake
